GEM
  remote: http://rubygems.org/
  specs:
    fpm (0.3.9)
      json
    json (1.5.3)

PLATFORMS
  ruby

DEPENDENCIES
  fpm
  json (= 1.5.3)
